PATH
  remote: .
  specs:
    rails_upshift (0.1.0)
      colorize (~> 0.8)

GEM
  remote: https://rubygems.org/
  specs:
    colorize (0.8.1)
    diff-lcs (1.6.1)
    docile (1.4.1)
    rake (10.5.0)
    rspec (3.13.0)
      rspec-core (~> 3.13.0)
      rspec-expectations (~> 3.13.0)
      rspec-mocks (~> 3.13.0)
    rspec-core (3.13.3)
      rspec-support (~> 3.13.0)
    rspec-expectations (3.13.4)
      diff-lcs (>= 1.2.0, < 2.0)
      rspec-support (~> 3.13.0)
    rspec-mocks (3.13.3)
      diff-lcs (>= 1.2.0, < 2.0)
      rspec-support (~> 3.13.0)
    rspec-support (3.13.3)
    simplecov (0.21.2)
      docile (~> 1.1)
      simplecov-html (~> 0.11)
      simplecov_json_formatter (~> 0.1)
    simplecov-html (0.13.1)
    simplecov_json_formatter (0.1.4)

PLATFORMS
  x86_64-darwin-24

DEPENDENCIES
  bundler (~> 2.0)
  rails_upshift!
  rake (~> 10.0)
  rspec (~> 3.0)
  simplecov (~> 0.21.2)

BUNDLED WITH
   2.4.22
